ObjectType = Image
NDims = 2
BinaryData = True
BinaryDataByteOrderMSB = False
CompressedData = False
TransformMatrix = 1 0 0 1
Offset = 0 0
CenterOfRotation = 0 0
ElementSpacing = 1 1
DimSize = 240 240
AnatomicalOrientation = ??
ElementType = MET_UCHAR
ElementDataFile = seg_15124.raw
